GIT
  remote: git://github.com/seuros/capistrano-puma.git
  revision: 7748efb9a53dc713221d9ea48459b915a2ec5362
  specs:
    capistrano3-puma (0.7.0)
      capistrano (~> 3.0)
      puma (>= 2.6)

GIT
  remote: git://github.com/seuros/capistrano-sidekiq.git
  revision: 73477132fe05f62916f3ca432281202ddabd50f9
  specs:
    capistrano-sidekiq (0.3.6)
      capistrano
      sidekiq

GIT
  remote: git://github.com/svs/foreman.git
  revision: c4d893971c01f75d7e849c6f6fd6a720180d19b4
  specs:
    foreman (0.63.0)
      dotenv (>= 0.7)
      thor (>= 0.13.6)

GEM
  remote: https://rubygems.org/
  specs:
    ace-rails-ap (2.0.1)
    actionmailer (4.1.0)
      actionpack (= 4.1.0)
      actionview (= 4.1.0)
      mail (~> 2.5.4)
    actionpack (4.1.0)
      actionview (= 4.1.0)
      activesupport (= 4.1.0)
      rack (~> 1.5.2)
      rack-test (~> 0.6.2)
    actionview (4.1.0)
      activesupport (= 4.1.0)
      builder (~> 3.1)
      erubis (~> 2.7.0)
    activemodel (4.1.0)
      activesupport (= 4.1.0)
      builder (~> 3.1)
    activerecord (4.1.0)
      activemodel (= 4.1.0)
      activesupport (= 4.1.0)
      arel (~> 5.0.0)
    activesupport (4.1.0)
      i18n (~> 0.6, >= 0.6.9)
      json (~> 1.7, >= 1.7.7)
      minitest (~> 5.1)
      thread_safe (~> 0.1)
      tzinfo (~> 1.1)
    addressable (2.3.6)
    amq-protocol (1.9.2)
    arel (5.0.1.20140414130214)
    arrayfields (4.9.2)
    autoparse (0.3.3)
      addressable (>= 2.3.1)
      extlib (>= 0.9.15)
      multi_json (>= 1.0.0)
    awesome_print (1.2.0)
    bcrypt (3.1.7)
    builder (3.2.2)
    bunny (1.4.0)
      amq-protocol (>= 1.9.2)
    byebug (2.7.0)
      columnize (~> 0.3)
      debugger-linecache (~> 1.2)
    cane (2.6.2)
      parallel
    capistrano (3.2.1)
      i18n
      rake (>= 10.0.0)
      sshkit (~> 1.3)
    capistrano-bundler (1.1.1)
      capistrano (~> 3.0)
      sshkit (>= 1.2.0)
    capistrano-rails (1.1.1)
      capistrano (~> 3.1)
      capistrano-bundler (~> 1.1)
    capistrano-rbenv (2.0.2)
      capistrano (~> 3.1)
      sshkit (~> 1.3)
    celluloid (0.15.2)
      timers (~> 1.1.0)
    celluloid-io (0.15.0)
      celluloid (>= 0.15.0)
      nio4r (>= 0.5.0)
    chronic (0.10.2)
    churn (0.0.35)
      chronic (>= 0.2.3)
      hirb
      json_pure
      main
      rest-client (>= 1.6.0)
      ruby_parser (~> 3.0)
      sexp_processor (~> 4.1)
    clockwork (0.7.7)
      activesupport
      tzinfo
    code_analyzer (0.4.5)
      sexp_processor
    code_metrics (0.1.3)
    coderay (1.1.0)
    coffee-rails (4.0.1)
      coffee-script (>= 2.2.0)
      railties (>= 4.0.0, < 5.0)
    coffee-script (2.3.0)
      coffee-script-source
      execjs
    coffee-script-source (1.7.1)
    colored (1.2)
    colorize (0.7.3)
    columnize (0.8.9)
    commonjs (0.2.7)
    connection_pool (2.0.0)
    debugger-linecache (1.2.0)
    devise (3.2.4)
      bcrypt (~> 3.0)
      orm_adapter (~> 0.1)
      railties (>= 3.2.6, < 5)
      thread_safe (~> 0.1)
      warden (~> 1.2.3)
    diff-lcs (1.2.5)
    dotenv (0.11.1)
      dotenv-deployment (~> 0.0.2)
    dotenv-deployment (0.0.2)
    effin_utf8 (1.0)
    erubis (2.7.0)
    execjs (2.2.1)
    extlib (0.9.16)
    eye (0.6.2)
      celluloid (~> 0.15.0)
      celluloid-io (~> 0.15.0)
      sigar (~> 0.7.2)
      state_machine
      thor
    factory_girl (4.4.0)
      activesupport (>= 3.0.0)
    factory_girl_rails (4.4.1)
      factory_girl (~> 4.4.0)
      railties (>= 3.0.0)
    faraday (0.9.0)
      multipart-post (>= 1.2, < 3)
    faraday_middleware (0.9.1)
      faraday (>= 0.7.4, < 0.10)
    fattr (2.2.2)
    ffi (1.9.3)
    flay (2.5.0)
      ruby_parser (~> 3.0)
      sexp_processor (~> 4.0)
    flog (4.3.0)
      ruby_parser (~> 3.1, > 3.1.0)
      sexp_processor (~> 4.4)
    formatador (0.2.5)
    friendly_id (5.0.4)
      activerecord (>= 4.0.0)
    google-api-client (0.7.1)
      addressable (>= 2.3.2)
      autoparse (>= 0.3.3)
      extlib (>= 0.9.15)
      faraday (>= 0.9.0)
      jwt (>= 0.1.5)
      launchy (>= 2.1.1)
      multi_json (>= 1.0.0)
      retriable (>= 1.4)
      signet (>= 0.5.0)
      uuidtools (>= 2.1.0)
    google_drive (1.0.0)
      google-api-client (>= 0.7.0)
      nokogiri (>= 1.4.4, != 1.5.2, != 1.5.1)
      oauth (>= 0.3.6)
      oauth2 (>= 0.5.0)
    guard (2.6.1)
      formatador (>= 0.2.4)
      listen (~> 2.7)
      lumberjack (~> 1.0)
      pry (>= 0.9.12)
      thor (>= 0.18.1)
    guard-rspec (4.3.1)
      guard (~> 2.1)
      rspec (>= 2.14, < 4.0)
    hashdiff (0.2.1)
    hashfilter (0.0.4)
      activesupport
    hashie (2.0.5)
    hike (1.2.3)
    hirb (0.7.2)
    hpricot (0.8.6)
    html2slim (0.1.0)
      hpricot
    httpclient (2.4.0)
    i18n (0.6.11)
    jbuilder (2.1.3)
      activesupport (>= 3.0.0, < 5)
      multi_json (~> 1.2)
    jquery-rails (3.1.1)
      railties (>= 3.0, < 5.0)
      thor (>= 0.14, < 2.0)
    json (1.8.1)
    json2json (0.0.1)
      jsonpath
    json_pure (1.8.1)
    jsonpath (0.5.6)
      multi_json
    jwt (1.3.0)
    keen (0.8.7)
      addressable (~> 2.3.5)
      multi_json (~> 1.3)
    launchy (2.4.2)
      addressable (~> 2.3)
    less (2.5.1)
      commonjs (~> 0.2.7)
    libv8 (3.16.14.7)
    listen (2.7.9)
      celluloid (>= 0.15.2)
      rb-fsevent (>= 0.9.3)
      rb-inotify (>= 0.9)
    lumberjack (1.0.9)
    mail (2.5.4)
      mime-types (~> 1.16)
      treetop (~> 1.4.8)
    main (6.0.0)
      arrayfields (>= 4.7.4)
      chronic (>= 0.6.2)
      fattr (>= 2.2.0)
      map (>= 5.1.0)
    map (6.5.4)
    method_source (0.8.2)
    metric_fu (4.11.1)
      cane (~> 2.5, >= 2.5.2)
      churn (~> 0.0.35)
      code_metrics (~> 0.1)
      coderay
      flay (~> 2.1, >= 2.0.1)
      flog (~> 4.1, >= 4.1.1)
      launchy (~> 2.0)
      metric_fu-Saikuro (~> 1.1, >= 1.1.3)
      multi_json
      rails_best_practices (~> 1.14, >= 1.14.3)
      redcard
      reek (~> 1.3, >= 1.3.4)
      roodi (~> 3.1)
    metric_fu-Saikuro (1.1.3)
    mime-types (1.25.1)
    mini_portile (0.6.2)
    minitest (5.4.0)
    multi_json (1.8.4)
    multi_xml (0.5.5)
    multipart-post (2.0.0)
    mustache (0.99.6)
    net-scp (1.2.1)
      net-ssh (>= 2.6.5)
    net-ssh (2.9.1)
    netrc (0.7.7)
    newrelic_rpm (3.9.6.257)
    nio4r (1.1.0)
    nokogiri (1.6.6.2)
      mini_portile (~> 0.6.0)
    oauth (0.4.7)
    oauth2 (1.0.0)
      faraday (>= 0.8, < 0.10)
      jwt (~> 1.0)
      multi_json (~> 1.3)
      multi_xml (~> 0.5)
      rack (~> 1.2)
    omniauth (1.2.2)
      hashie (>= 1.2, < 4)
      rack (~> 1.0)
    omniauth-google-oauth2 (0.2.6)
      omniauth (> 1.0)
      omniauth-oauth2 (~> 1.1)
    omniauth-oauth2 (1.2.0)
      faraday (>= 0.8, < 0.10)
      multi_json (~> 1.3)
      oauth2 (~> 1.0)
      omniauth (~> 1.2)
    orm_adapter (0.5.0)
    paint (0.8.7)
    parallel (1.2.2)
    pg (0.17.1)
    polyglot (0.3.5)
    pry (0.10.0)
      coderay (~> 1.1.0)
      method_source (~> 0.8.1)
      slop (~> 3.4)
    pry-byebug (1.3.3)
      byebug (~> 2.7)
      pry (~> 0.10)
    pry-rails (0.3.2)
      pry (>= 0.9.10)
    puma (2.9.0)
      rack (>= 1.1, < 2.0)
    pundit (0.3.0)
      activesupport (>= 3.0.0)
    pusher (0.14.1)
      httpclient (~> 2.3)
      multi_json (~> 1.0)
      signature (~> 0.1.6)
    rabbitmq_http_api_client (1.3.0)
      effin_utf8 (~> 1.0.0)
      faraday (~> 0.9.0)
      faraday_middleware (~> 0.9.0)
      hashie (~> 2.0.5)
      multi_json (~> 1.8.4)
    rack (1.5.2)
    rack-cors (0.2.9)
    rack-test (0.6.2)
      rack (>= 1.0)
    rails (4.1.0)
      actionmailer (= 4.1.0)
      actionpack (= 4.1.0)
      actionview (= 4.1.0)
      activemodel (= 4.1.0)
      activerecord (= 4.1.0)
      activesupport (= 4.1.0)
      bundler (>= 1.3.0, < 2.0)
      railties (= 4.1.0)
      sprockets-rails (~> 2.0)
    rails_12factor (0.0.2)
      rails_serve_static_assets
      rails_stdout_logging
    rails_best_practices (1.15.4)
      activesupport
      awesome_print
      code_analyzer (>= 0.4.3)
      colored
      erubis
      i18n
      json
      require_all
      ruby-progressbar
    rails_serve_static_assets (0.0.2)
    rails_stdout_logging (0.0.3)
    railties (4.1.0)
      actionpack (= 4.1.0)
      activesupport (= 4.1.0)
      rake (>= 0.8.7)
      thor (>= 0.18.1, < 2.0)
    rainbow (2.0.0)
    rake (10.3.2)
    rb-fsevent (0.9.4)
    rb-inotify (0.9.5)
      ffi (>= 0.5.0)
    rdoc (4.1.1)
      json (~> 1.4)
    redcard (1.1.0)
    redis (3.1.0)
    redis-namespace (1.5.1)
      redis (~> 3.0, >= 3.0.4)
    reek (1.3.8)
      rainbow (>= 1.99, < 3.0)
      ruby2ruby (>= 2.0.8, < 3.0)
      ruby_parser (~> 3.3)
      sexp_processor
    ref (1.0.5)
    require_all (1.3.2)
    rest-client (1.7.2)
      mime-types (>= 1.16, < 3.0)
      netrc (~> 0.7)
    restclient (0.10.0)
      paint (~> 0.8)
    retriable (2.0.2)
    roodi (3.3.1)
      ruby_parser (~> 3.2, >= 3.2.2)
    rspec (3.0.0)
      rspec-core (~> 3.0.0)
      rspec-expectations (~> 3.0.0)
      rspec-mocks (~> 3.0.0)
    rspec-core (3.0.3)
      rspec-support (~> 3.0.0)
    rspec-expectations (3.0.3)
      diff-lcs (>= 1.2.0, < 2.0)
      rspec-support (~> 3.0.0)
    rspec-legacy_formatters (1.0.0)
      rspec-core (>= 3.0.0.beta2)
      rspec-support (>= 3.0.0.beta2)
    rspec-mocks (3.0.3)
      rspec-support (~> 3.0.0)
    rspec-rails (3.0.2)
      actionpack (>= 3.0)
      activesupport (>= 3.0)
      railties (>= 3.0)
      rspec-core (~> 3.0.0)
      rspec-expectations (~> 3.0.0)
      rspec-mocks (~> 3.0.0)
      rspec-support (~> 3.0.0)
    rspec-support (3.0.3)
    ruby-progressbar (1.5.1)
    ruby2ruby (2.1.1)
      ruby_parser (~> 3.1)
      sexp_processor (~> 4.0)
    ruby_parser (3.6.2)
      sexp_processor (~> 4.1)
    sass (3.2.19)
    sass-rails (4.0.3)
      railties (>= 4.0.0, < 5.0)
      sass (~> 3.2.0)
      sprockets (~> 2.8, <= 2.11.0)
      sprockets-rails (~> 2.0)
    sdoc (0.4.1)
      json (~> 1.7, >= 1.7.7)
      rdoc (~> 4.0)
    sexp_processor (4.4.3)
    shoulda-matchers (2.6.2)
      activesupport (>= 3.0.0)
    sidekiq (3.2.2)
      celluloid (>= 0.15.2)
      connection_pool (>= 2.0.0)
      json
      redis (>= 3.0.6)
      redis-namespace (>= 1.3.1)
    sigar (0.7.2)
    signature (0.1.7)
    signet (0.5.1)
      addressable (>= 2.2.3)
      faraday (>= 0.9.0.rc5)
      jwt (>= 0.1.5)
      multi_json (>= 1.0.0)
    slim (2.0.3)
      temple (~> 0.6.6)
      tilt (>= 1.3.3, < 2.1)
    slop (3.6.0)
    spring (1.1.3)
    spring-commands-rspec (1.0.2)
      spring (>= 0.9.1)
    sprockets (2.11.0)
      hike (~> 1.2)
      multi_json (~> 1.0)
      rack (~> 1.0)
      tilt (~> 1.1, != 1.3.0)
    sprockets-rails (2.1.3)
      actionpack (>= 3.0)
      activesupport (>= 3.0)
      sprockets (~> 2.8)
    sshkit (1.5.1)
      colorize
      net-scp (>= 1.1.2)
      net-ssh (>= 2.8.0)
    state_machine (1.2.0)
    temple (0.6.8)
    therubyracer (0.12.1)
      libv8 (~> 3.16.14.0)
      ref
    thor (0.19.1)
    thread_safe (0.3.4)
    tilt (1.4.1)
    timers (1.1.0)
    treetop (1.4.15)
      polyglot
      polyglot (>= 0.3.1)
    tzinfo (1.2.2)
      thread_safe (~> 0.1)
    uglifier (2.5.3)
      execjs (>= 0.3.0)
      json (>= 1.8.0)
    uuidtools (2.1.5)
    warden (1.2.3)
      rack (>= 1.0)

PLATFORMS
  ruby

DEPENDENCIES
  ace-rails-ap
  awesome_print
  bunny
  capistrano (~> 3.1)
  capistrano-bundler (= 1.1.1)
  capistrano-rails (~> 1.1)
  capistrano-rbenv (~> 2.0.1)
  capistrano-sidekiq!
  capistrano3-puma!
  clockwork
  coffee-rails (~> 4.0.0)
  devise
  eye
  factory_girl_rails
  foreman!
  friendly_id (~> 5.0.0)
  google_drive
  guard-rspec
  hashdiff
  hashfilter
  html2slim
  jbuilder (~> 2.0)
  jquery-rails
  json2json
  jsonpath
  keen
  less
  metric_fu
  mustache
  newrelic_rpm
  omniauth-google-oauth2
  pg
  pry-byebug
  pry-rails
  puma
  pundit
  pusher
  rabbitmq_http_api_client (>= 1.3.0)
  rack-cors
  rails (= 4.1.0)
  rails_12factor
  redis
  restclient
  rspec-legacy_formatters
  rspec-rails
  sass-rails (~> 4.0.3)
  sdoc (~> 0.4.0)
  shoulda-matchers
  sidekiq
  slim
  spring-commands-rspec
  therubyracer
  uglifier (>= 1.3.0)
